GEM
  remote: https://rubygems.org/
  specs:
    CFPropertyList (2.2.8)
    celluloid (0.16.0)
      timers (~> 4.0.0)
    coderay (1.1.0)
    colored (1.2)
    cri (2.5.0)
      colored (~> 1.2)
    deep_merge (1.0.1)
    diff-lcs (1.2.5)
    dotenv (0.11.1)
      dotenv-deployment (~> 0.0.2)
    dotenv-deployment (0.0.2)
    facter (2.4.4)
      CFPropertyList (~> 2.2.6)
    faraday (0.8.9)
      multipart-post (~> 1.2.0)
    faraday_middleware (0.9.1)
      faraday (>= 0.7.4, < 0.10)
    faraday_middleware-multi_json (0.0.6)
      faraday_middleware
      multi_json
    ffi (1.9.8)
    formatador (0.2.5)
    guard (2.12.5)
      formatador (>= 0.2.4)
      listen (~> 2.7)
      lumberjack (~> 1.0)
      nenv (~> 0.1)
      notiffany (~> 0.0)
      pry (>= 0.9.12)
      shellany (~> 0.0)
      thor (>= 0.18.1)
    guard-compat (1.2.1)
    guard-shell (0.7.1)
      guard (>= 2.0.0)
      guard-compat (~> 1.0)
    hiera (2.0.0)
      json_pure
    hitimes (1.2.2)
    json_pure (1.8.1)
    listen (2.9.0)
      celluloid (>= 0.15.2)
      rb-fsevent (>= 0.9.3)
      rb-inotify (>= 0.9)
    log4r (1.1.10)
    lumberjack (1.0.9)
    method_source (0.8.2)
    multi_json (1.8.4)
    multipart-post (1.2.0)
    nenv (0.2.0)
    net-ssh (2.9.1)
    notiffany (0.0.6)
      nenv (~> 0.1)
      shellany (~> 0.0)
    pry (0.10.1)
      coderay (~> 1.1.0)
      method_source (~> 0.8.1)
      slop (~> 3.4)
    puppet (4.2.0)
      facter (> 2.0, < 4)
      hiera (>= 2.0, < 3)
      json_pure
    puppet-lint (0.3.2)
    r10k (1.3.5)
      colored (>= 1.2)
      cri (~> 2.5.0)
      faraday (~> 0.8.8)
      faraday_middleware (~> 0.9.0)
      faraday_middleware-multi_json (~> 0.0.5)
      json_pure (~> 1.8.1)
      log4r (>= 1.1.10)
      multi_json (~> 1.8.2)
      systemu (~> 2.5.2)
    rake (10.3.2)
    rb-fsevent (0.9.4)
    rb-inotify (0.9.5)
      ffi (>= 0.5.0)
    rspec (3.1.0)
      rspec-core (~> 3.1.0)
      rspec-expectations (~> 3.1.0)
      rspec-mocks (~> 3.1.0)
    rspec-core (3.1.7)
      rspec-support (~> 3.1.0)
    rspec-expectations (3.1.2)
      diff-lcs (>= 1.2.0, < 2.0)
      rspec-support (~> 3.1.0)
    rspec-mocks (3.1.3)
      rspec-support (~> 3.1.0)
    rspec-puppet (1.0.1)
      rspec
    rspec-support (3.1.2)
    shellany (0.0.1)
    slop (3.6.0)
    systemu (2.5.2)
    thor (0.19.1)
    timers (4.0.1)
      hitimes

PLATFORMS
  ruby

DEPENDENCIES
  deep_merge (~> 1.0.1)
  dotenv (~> 0.11.1)
  facter (~> 2.4.4)
  guard
  guard-shell
  net-ssh (~> 2.9.1)
  pry (~> 0.10.1)
  puppet (~> 4.2.0)
  puppet-lint (~> 0.3.2)
  r10k (~> 1.3.5)
  rake (~> 10.3.2)
  rspec-puppet (~> 1.0.1)
